PATH
  remote: .
  specs:
    asciidoctor-pdf-linewrap-ja (0.1.0)

GEM
  remote: https://rubygems.org/
  specs:
    minitest (5.11.3)
    rake (10.4.2)

PLATFORMS
  ruby

DEPENDENCIES
  asciidoctor-pdf-linewrap-ja!
  bundler (~> 1.16)
  minitest (~> 5.0)
  rake (~> 10.0)

BUNDLED WITH
   1.16.1
